GEM
  remote: https://rubygems.org/
  specs:
    RedCloth (4.2.9)
    colorator (0.1)
    ffi (1.9.18)
    iconv (1.0.4)
    jekyll (3.0.1)
      colorator (~> 0.1)
      jekyll-sass-converter (~> 1.0)
      jekyll-watch (~> 1.1)
      kramdown (~> 1.3)
      liquid (~> 3.0)
      mercenary (~> 0.3.3)
      rouge (~> 1.7)
      safe_yaml (~> 1.0)
    jekyll-paginate (1.1.0)
    jekyll-sass-converter (1.4.0)
      sass (~> 3.4)
    jekyll-watch (1.3.1)
      listen (~> 3.0)
    kramdown (1.9.0)
    liquid (3.0.6)
    listen (3.0.6)
      rb-fsevent (>= 0.9.3)
      rb-inotify (>= 0.9.7)
    maruku (0.6.0)
      syntax (>= 1.0.0)
    mercenary (0.3.5)
    rb-fsevent (0.9.7)
    rb-inotify (0.9.7)
      ffi (>= 0.5.0)
    rdiscount (1.6.8)
    redcarpet (2.1.1)
    rouge (1.10.1)
    safe_yaml (1.0.4)
    sass (3.4.21)
    syntax (1.2.0)

PLATFORMS
  ruby

DEPENDENCIES
  RedCloth (= 4.2.9)
  iconv (~> 1.0.3)
  jekyll (~> 3.6.3)
  jekyll-paginate
  kramdown (~> 1.3, >= 1.3.2)
  liquid (>= 3.0)
  maruku (= 0.6.0)
  rdiscount (= 1.6.8)
  redcarpet (= 2.1.1)

BUNDLED WITH
   1.12.5
